GIT
  remote: git://github.com/utgarda/sidekiq-status.git
  revision: 16c04948417b2f38a525b2bbb1d89f6d1ef42e36
  specs:
    sidekiq-status (0.6.0)
      sidekiq (>= 2.7)

GEM
  remote: https://rubygems.org/
  specs:
    aws-sdk (2.3.4)
      aws-sdk-resources (= 2.3.4)
    aws-sdk-core (2.3.4)
      jmespath (~> 1.0)
    aws-sdk-resources (2.3.4)
      aws-sdk-core (= 2.3.4)
    concurrent-ruby (1.0.0)
    connection_pool (2.2.0)
    daemons (1.2.3)
    eb_deployer (0.6.6)
      aws-sdk (~> 2, >= 2.0.0)
    eventmachine (1.0.9.1)
    jmespath (1.2.4)
      json_pure (>= 1.8.1)
    json_pure (1.8.3)
    rack (1.6.4)
    rack-protection (1.5.3)
      rack
    redis (3.2.2)
    sidekiq (4.1.0)
      concurrent-ruby (~> 1.0)
      connection_pool (~> 2.2, >= 2.2.0)
      redis (~> 3.2, >= 3.2.1)
    sinatra (1.4.7)
      rack (~> 1.5)
      rack-protection (~> 1.4)
      tilt (>= 1.3, < 3)
    thin (1.6.4)
      daemons (~> 1.0, >= 1.0.9)
      eventmachine (~> 1.0, >= 1.0.4)
      rack (~> 1.0)
    tilt (2.0.2)

PLATFORMS
  ruby

DEPENDENCIES
  eb_deployer (~> 0.6.6)
  sidekiq (~> 4.1.0)
  sidekiq-status (~> 0.6.0)!
  sinatra (~> 1.4.7)
  thin (~> 1.6.4)

BUNDLED WITH
   1.11.2
