GEM
  remote: https://rubygems.org/
  specs:
    chronic_duration (0.10.6)
      numerizer (~> 0.1.1)
    concurrent-ruby (1.1.6)
    connection_pool (2.2.2)
    daemons (1.2.5)
    et-orbi (1.2.4)
      tzinfo
    eventmachine (1.2.5)
    fugit (1.3.4)
      et-orbi (~> 1.1, >= 1.1.8)
      raabro (~> 1.1)
    mustermann (1.0.0)
    numerizer (0.1.1)
    raabro (1.1.6)
    rack (2.2.2)
    rack-protection (2.0.0)
      rack
    redis (4.1.3)
    sidekiq (5.1.1)
      concurrent-ruby (~> 1.0)
      connection_pool (~> 2.2, >= 2.2.0)
      rack-protection (>= 1.5.0)
      redis (>= 3.3.5, < 5)
    sidekiq-cron (1.2.0)
      fugit (~> 1.1)
      sidekiq (>= 4.2.1)
    sidekiq-status (1.0.1)
      chronic_duration
      sidekiq (>= 3.0)
    sinatra (2.0.0)
      mustermann (~> 1.0)
      rack (~> 2.0)
      rack-protection (= 2.0.0)
      tilt (~> 2.0)
    thin (1.7.2)
      daemons (~> 1.0, >= 1.0.9)
      eventmachine (~> 1.0, >= 1.0.4)
      rack (>= 1, < 3)
    tilt (2.0.7)
    tzinfo (2.0.2)
      concurrent-ruby (~> 1.0)

PLATFORMS
  ruby

DEPENDENCIES
  sidekiq (~> 5.1.1)
  sidekiq-cron (~> 1.2.0)
  sidekiq-status (~> 1.0.1)
  sinatra (~> 2.0.0)
  thin (~> 1.7.2)

BUNDLED WITH
   1.15.4
