GEM
  remote: https://rubygems.org/
  specs:
    chronic_duration (0.10.6)
      numerizer (~> 0.1.1)
    concurrent-ruby (1.0.5)
    connection_pool (2.2.1)
    daemons (1.2.5)
    et-orbi (1.0.5)
      tzinfo
    eventmachine (1.2.5)
    mustermann (1.0.0)
    numerizer (0.1.1)
    rack (2.0.7)
    rack-protection (2.0.0)
      rack
    redis (4.0.1)
    rufus-scheduler (3.4.2)
      et-orbi (~> 1.0)
    sidekiq (5.1.1)
      concurrent-ruby (~> 1.0)
      connection_pool (~> 2.2, >= 2.2.0)
      rack-protection (>= 1.5.0)
      redis (>= 3.3.5, < 5)
    sidekiq-cron (0.6.3)
      rufus-scheduler (>= 3.3.0)
      sidekiq (>= 4.2.1)
    sidekiq-status (1.0.1)
      chronic_duration
      sidekiq (>= 3.0)
    sinatra (2.0.0)
      mustermann (~> 1.0)
      rack (~> 2.0)
      rack-protection (= 2.0.0)
      tilt (~> 2.0)
    thin (1.7.2)
      daemons (~> 1.0, >= 1.0.9)
      eventmachine (~> 1.0, >= 1.0.4)
      rack (>= 1, < 3)
    thread_safe (0.3.6)
    tilt (2.0.7)
    tzinfo (1.2.3)
      thread_safe (~> 0.1)

PLATFORMS
  ruby

DEPENDENCIES
  sidekiq (~> 5.1.1)
  sidekiq-cron (~> 0.6.3)
  sidekiq-status (~> 1.0.1)
  sinatra (~> 2.0.0)
  thin (~> 1.7.2)

BUNDLED WITH
   1.15.4
